GEM
  remote: http://rubygems.org/
  specs:
    actionmailer (2.3.14)
      actionpack (= 2.3.14)
    actionpack (2.3.14)
      activesupport (= 2.3.14)
      rack (~> 1.1.0)
    activerecord (2.3.14)
      activesupport (= 2.3.14)
    activeresource (2.3.14)
      activesupport (= 2.3.14)
    activesupport (2.3.14)
    aker (3.0.3)
      activesupport (>= 2.3.0)
      castanet (~> 1.0.0)
      i18n (~> 0.4)
      net-ldap (~> 0.1.1)
      rubytree (~> 0.7.0)
      warden (~> 1.0)
    aker-rails (2.0.3)
      aker (~> 3.0)
      rails (~> 2.3.11)
    bcdatabase (1.0.6)
      activesupport (>= 2.0)
      highline (~> 1.5)
      i18n
    castanet (1.0.1)
    cocaine (0.2.1)
    fastercsv (1.5.5)
    haml (3.1.7)
    highline (1.6.13)
    i18n (0.6.0)
    json (1.7.4)
    mime-types (1.19)
    net-ldap (0.1.1)
    paperclip (2.7.0)
      activerecord (>= 2.3.0)
      activesupport (>= 2.3.2)
      cocaine (>= 0.0.2)
      mime-types
    pg (0.14.0)
    princely (1.2.5)
    rack (1.1.3)
    rails (2.3.14)
      actionmailer (= 2.3.14)
      actionpack (= 2.3.14)
      activerecord (= 2.3.14)
      activeresource (= 2.3.14)
      activesupport (= 2.3.14)
      rake (>= 0.8.3)
    rake (0.9.2.2)
    rdoc (3.12)
      json (~> 1.4)
    rubytree (0.7.0)
    warden (1.2.1)
      rack (>= 1.0)
    will_paginate (2.3.15)

PLATFORMS
  ruby

DEPENDENCIES
  aker (~> 3.0.3)
  aker-rails
  bcdatabase (~> 1.0.6)
  bundler
  fastercsv
  haml
  net-ldap
  paperclip (~> 2.4)
  pg
  princely (~> 1.2.5)
  rails (~> 2.3.8)
  rdoc
  will_paginate (= 2.3.15)
