GEM
  remote: http://rubygems.org/
  specs:
    actionmailer (2.3.16)
      actionpack (= 2.3.16)
    actionpack (2.3.16)
      activesupport (= 2.3.16)
      rack (~> 1.1.0)
    activerecord (2.3.16)
      activesupport (= 2.3.16)
    activeresource (2.3.16)
      activesupport (= 2.3.16)
    activesupport (2.3.16)
    aker (3.0.4)
      activesupport (>= 2.3.0)
      castanet (~> 1.0.0)
      i18n (~> 0.4)
      net-ldap (~> 0.1.1)
      rubytree (~> 0.7.0)
      warden (~> 1.0)
    aker-rails (2.0.3)
      aker (~> 3.0)
      rails (~> 2.3.11)
    authlogic (2.1.9)
      activerecord (~> 2.3.0)
      activesupport (~> 2.3.0)
    bcdatabase (1.0.6)
      activesupport (>= 2.0)
      highline (~> 1.5)
      i18n
    castanet (1.0.1)
    cocaine (0.4.2)
    fastercsv (1.5.5)
    haml (3.1.7)
    highline (1.6.15)
    i18n (0.6.1)
    json (1.7.6)
    mime-types (1.19)
    net-ldap (0.1.1)
    paperclip (2.8.0)
      activerecord (>= 2.3.0)
      activesupport (>= 2.3.2)
      cocaine (>= 0.0.2)
      mime-types
    pg (0.14.1)
    princely (1.2.5)
    rack (1.1.5)
    rails (2.3.16)
      actionmailer (= 2.3.16)
      actionpack (= 2.3.16)
      activerecord (= 2.3.16)
      activeresource (= 2.3.16)
      activesupport (= 2.3.16)
      rake (>= 0.8.3)
    rake (10.0.3)
    rdoc (3.12)
      json (~> 1.4)
    rubytree (0.7.0)
    warden (1.2.1)
      rack (>= 1.0)
    will_paginate (2.3.16)

PLATFORMS
  ruby

DEPENDENCIES
  aker (~> 3.0.3)
  aker-rails
  authlogic
  bcdatabase (~> 1.0.6)
  bundler
  fastercsv
  haml (= 3.1.7)
  net-ldap
  paperclip (~> 2.4)
  pg
  princely (~> 1.2.5)
  rails (~> 2.3)
  rdoc (= 3.12)
  will_paginate (~> 2.3)
